GEM
  remote: https://rubygems.org/
  specs:
    byebug (10.0.1)
    httparty (0.16.1)
      multi_xml (>= 0.5.2)
    multi_xml (0.6.0)

PLATFORMS
  ruby

DEPENDENCIES
  byebug
  httparty (= 0.16.1)

BUNDLED WITH
   1.16.1
